GEM
  remote: http://rubygems.org/
  specs:
    eventmachine (0.12.10)
    eventmachine-tail (0.5.20110118081348)
      eventmachine
    rake (0.8.7)
    scribe (0.2.2)
      rake
      thrift_client
    thrift (0.5.0)
    thrift_client (0.6.0)
      thrift (~> 0.5.0)

PLATFORMS
  ruby

DEPENDENCIES
  eventmachine-tail
  scribe
