PATH
  remote: .
  specs:
    scribeit (0.0.3)
      eventmachine
      eventmachine-tail
      scribe (> 0.2.2)

GEM
  remote: http://rubygems.org/
  specs:
    eventmachine (0.12.10)
    eventmachine-tail (0.6.1)
      eventmachine
    rake (0.8.7)
    scribe (0.2.4)
      rake
      thrift_client (~> 0.6)
    thrift (0.5.0)
    thrift_client (0.6.0)
      thrift (~> 0.5.0)

PLATFORMS
  ruby

DEPENDENCIES
  scribeit!
